STORAGE: NONE
NUGET
  remote: https://api.nuget.org/v3/index.json
    Expecto (9.0)
      FSharp.Core (>= 4.6) - restriction: || (>= net461) (>= netstandard2.0)
      Mono.Cecil (>= 0.11.2) - restriction: || (>= net461) (>= netstandard2.0)
    Expecto.FsCheck (9.0)
      Expecto (>= 9.0) - restriction: || (>= net461) (>= netstandard2.0)
      FsCheck (>= 2.14.2) - restriction: || (>= net461) (>= netstandard2.0)
    FsCheck (2.14.3) - restriction: || (>= net461) (>= netstandard2.0)
      FSharp.Core (>= 4.2.3) - restriction: || (>= net452) (>= netstandard1.6)
    FSharp.Core (4.7.2)
    Mono.Cecil (0.11.2) - restriction: || (>= net461) (>= netstandard2.0)
